GEM
  remote: http://rubygems.org/
  specs:
    faker (1.4.3)
      i18n (~> 0.5)
    i18n (0.7.0)
    rmagick (2.13.4)

PLATFORMS
  ruby

DEPENDENCIES
  faker
  rmagick
